GIT
  remote: https://github.com/sinatra/sinatra.git
  revision: 6d3d45df101686e89673ac7106f67b153aae0e98
  specs:
    sinatra (1.1.1)
      rack (~> 1.1)
      tilt (~> 1.1)

GEM
  remote: http://rubygems.org/
  specs:
    activemodel (3.0.3)
      activesupport (= 3.0.3)
      builder (~> 2.1.2)
      i18n (~> 0.4)
    activerecord (3.0.3)
      activemodel (= 3.0.3)
      activesupport (= 3.0.3)
      arel (~> 2.0.2)
      tzinfo (~> 0.3.23)
    activesupport (3.0.3)
    airbrake (3.0.9)
      activesupport
      builder
    arel (2.0.6)
    builder (2.1.2)
    dalli (1.1.3)
    haml (3.0.24)
    hpricot (0.8.3)
    i18n (0.5.0)
    json (1.4.6)
    kgio (2.7.4)
    memcachier (0.0.2)
    newrelic_rpm (3.3.3)
    pg (0.12.2)
    rack (1.2.1)
    raindrops (0.10.0)
    tilt (1.1)
    tzinfo (0.3.23)
    unicorn (4.3.1)
      kgio (~> 2.6)
      rack
      raindrops (~> 0.7)

PLATFORMS
  ruby

DEPENDENCIES
  activerecord
  airbrake
  dalli
  haml (~> 3.0)
  hpricot
  json
  memcachier
  newrelic_rpm
  pg
  sinatra (~> 1.1.1)!
  unicorn
